GEM
  remote: https://rubygems.org/
  specs:
    coderay (1.1.3)
    method_source (1.0.0)
    nio4r (2.5.8)
    pg (1.4.3)
    pry (0.14.1)
      coderay (~> 1.1)
      method_source (~> 1.0)
    puma (5.6.5)
      nio4r (~> 2.0)
    rack (3.0.0)

PLATFORMS
  x86_64-darwin-21

DEPENDENCIES
  pg
  pry
  puma
  rack

BUNDLED WITH
   2.3.22
