GEM
  remote: https://rubygems.org/
  specs:
    nio4r (2.5.8)
    puma (5.6.5)
      nio4r (~> 2.0)
    rack (3.0.0)

PLATFORMS
  x86_64-darwin-21

DEPENDENCIES
  puma
  rack

BUNDLED WITH
   2.3.22
